GIT
  remote: git://github.com/duse-io/duse.rb.git
  revision: 08431d48f2eeb380c091ad2855c8385ce524dd98
  specs:
    duse (0.0.8)
      faraday
      faraday_middleware
      highline
      secret_sharing (= 0.0.6)
      tree_outline

GEM
  remote: https://rubygems.org/
  specs:
    coderay (1.1.0)
    faraday (0.9.2)
      multipart-post (>= 1.2, < 3)
    faraday_middleware (0.10.0)
      faraday (>= 0.7.4, < 0.10)
    ffi (1.9.10-java)
    highline (1.7.8)
    method_source (0.8.2)
    multipart-post (2.0.0)
    pry (0.10.3-java)
      coderay (~> 1.1.0)
      method_source (~> 0.8.1)
      slop (~> 3.4)
      spoon (~> 0.0)
    secret_sharing (0.0.6)
    slop (3.6.0)
    spoon (0.0.4)
      ffi
    tree_outline (0.1.2)

PLATFORMS
  java

DEPENDENCIES
  duse!
  pry

BUNDLED WITH
   1.10.6
