PATH
  remote: .
  specs:
    duse-desktop (0.0.1)
      duse

GEM
  remote: https://rubygems.org/
  specs:
    duse (0.0.8)
      faraday
      faraday_middleware
      highline
      secret_sharing (>= 0.0.5)
      tree_outline
    faraday (0.9.2)
      multipart-post (>= 1.2, < 3)
    faraday_middleware (0.10.0)
      faraday (>= 0.7.4, < 0.10)
    highline (1.7.8)
    multipart-post (2.0.0)
    secret_sharing (0.0.6)
    tree_outline (0.1.2)

PLATFORMS
  java
  ruby

DEPENDENCIES
  duse-desktop!

BUNDLED WITH
   1.10.6
